GEM
  remote: https://rubygems.org/
  specs:
    rack (2.1.4.2)

PLATFORMS
  ruby

DEPENDENCIES
  rack

BUNDLED WITH
   1.10.6
