GEM
  remote: https://rubygems.org/
  specs:
    rack (3.0.9.1)

PLATFORMS
  ruby

DEPENDENCIES
  rack

BUNDLED WITH
   1.17.2
